GEM
  specs:
    i18n (0.4.2)

PLATFORMS
  ruby

DEPENDENCIES
  i18n
